PATH
  remote: .
  specs:
    c_backtrace (0.0.1)

GEM
  remote: https://rubygems.org/
  specs:
    minitest (5.11.3)
    rake (10.5.0)
    rake-compiler (1.0.7)
      rake

PLATFORMS
  ruby

DEPENDENCIES
  bundler (~> 1.17)
  c_backtrace!
  minitest (~> 5.0)
  rake (~> 10.0)
  rake-compiler

BUNDLED WITH
   1.17.3
